PATH
  remote: .
  specs:
    primarity (0.1.0)

GEM
  remote: https://rubygems.org/
  specs:
    power_assert (2.0.1)
    rake (13.0.6)
    test-unit (3.5.1)
      power_assert

PLATFORMS
  x86_64-darwin-19

DEPENDENCIES
  primarity!
  rake (~> 13.0)
  test-unit (~> 3.0)

BUNDLED WITH
   2.2.32
